PATH
  remote: .
  specs:
    ghaki-net-ssh (2011.11.30.1)
      ghaki-account (>= 2011.11.29.1)
      ghaki-app (>= 2011.11.29.1)
      ghaki-ext-file (>= 2011.11.29.1)
      ghaki-logger (>= 2011.11.29.1)
      highline (>= 1.6.1)
      net-sftp (>= 2.0.5)
      net-ssh (>= 2.2.1)
      net-ssh-telnet (>= 0.0.2)

GEM
  remote: http://rubygems.org/
  specs:
    diff-lcs (1.1.3)
    ghaki-account (2011.11.29.1)
      highline (>= 1.5.1)
    ghaki-app (2011.11.29.1)
    ghaki-bool (2011.11.29.1)
    ghaki-ext-file (2011.11.29.1)
    ghaki-logger (2011.11.29.1)
      ghaki-app (>= 2011.11.29.1)
      ghaki-bool (>= 2011.11.29.1)
    ghaki-match (2011.11.30.1)
      ghaki-bool (>= 2011.11.29.1)
    highline (1.6.8)
    json (1.6.2)
    metaclass (0.0.1)
    mocha (0.10.0)
      metaclass (~> 0.0.1)
    net-sftp (2.0.5)
      net-ssh (>= 2.0.9)
    net-ssh (2.2.1)
    net-ssh-telnet (0.0.2)
      net-ssh (>= 2.0.1)
    rdoc (3.11)
      json (~> 1.4)
    rspec (2.7.0)
      rspec-core (~> 2.7.0)
      rspec-expectations (~> 2.7.0)
      rspec-mocks (~> 2.7.0)
    rspec-core (2.7.1)
    rspec-expectations (2.7.0)
      diff-lcs (~> 1.1.2)
    rspec-mocks (2.7.0)

PLATFORMS
  ruby

DEPENDENCIES
  ghaki-match (>= 2011.11.30.1)
  ghaki-net-ssh!
  mocha (>= 0.9.12)
  rdoc (>= 3.9.4)
  rspec (>= 2.6.0)
