GIT
  remote: ghaki@ghaki.com:/home/ghaki/git-archive/ghaki-account.git
  revision: 59d067d3de6a9756bcfbb9e1b6275ab0c71333ab
  specs:
    ghaki-account (1.1.4)
      highline (>= 1.5.1)

GIT
  remote: ghaki@ghaki.com:/home/ghaki/git-archive/ghaki-app.git
  revision: 8cb3b49b8539f7441be625713668b24ff4a7962d
  specs:
    ghaki-app (1.1.3)

GIT
  remote: ghaki@ghaki.com:/home/ghaki/git-archive/ghaki-core.git
  revision: 6f84c37de604b479ca69a48bb7e924a2a6eee7f1
  specs:
    ghaki-core (2011.10.09.1)
      facets (>= 2.9.1)

GIT
  remote: ghaki@ghaki.com:/home/ghaki/git-archive/ghaki-logger.git
  revision: 586a3aa8dfba92503326b6024ba63549ca0f4f80
  specs:
    ghaki-logger (2011.10.26.2)
      ghaki-app (>= 1.1.2)

PATH
  remote: .
  specs:
    ghaki-net-ssh (2011.10.26.1)
      ghaki-account (>= 1.1.4)
      ghaki-app (>= 1.1.3)
      ghaki-core (>= 2011.10.09.1)
      ghaki-logger (>= 2011.10.26.1)
      highline (>= 1.6.1)
      net-sftp (>= 2.0.5)
      net-ssh (>= 2.2.1)
      net-ssh-telnet (>= 0.0.2)

GEM
  remote: http://rubygems.org/
  specs:
    diff-lcs (1.1.3)
    facets (2.9.2)
    highline (1.6.2)
    json (1.6.1)
    metaclass (0.0.1)
    mocha (0.10.0)
      metaclass (~> 0.0.1)
    net-sftp (2.0.5)
      net-ssh (>= 2.0.9)
    net-ssh (2.2.1)
    net-ssh-telnet (0.0.2)
      net-ssh (>= 2.0.1)
    rdoc (3.11)
      json (~> 1.4)
    rspec (2.7.0)
      rspec-core (~> 2.7.0)
      rspec-expectations (~> 2.7.0)
      rspec-mocks (~> 2.7.0)
    rspec-core (2.7.1)
    rspec-expectations (2.7.0)
      diff-lcs (~> 1.1.2)
    rspec-mocks (2.7.0)

PLATFORMS
  ruby

DEPENDENCIES
  ghaki-account!
  ghaki-app!
  ghaki-core!
  ghaki-logger!
  ghaki-net-ssh!
  mocha (>= 0.9.12)
  rdoc (>= 3.9.4)
  rspec (>= 2.6.0)
